GEM
  remote: https://rubygems.org/
  specs:
    nio4r (2.7.4)
    puma (6.6.0)
      nio4r (~> 2.0)
    rack (3.1.10)
    rackup (2.2.1)
      rack (>= 3)
    roda (3.89.0)
      rack

PLATFORMS
  x86_64-linux

DEPENDENCIES
  puma
  rackup
  roda

BUNDLED WITH
   2.4.19
